GEM
  remote: https://rubygems.org/
  specs:
    psych (3.0.2)

PLATFORMS
  ruby

DEPENDENCIES
  psych

BUNDLED WITH
   1.14.6
